GEM
  remote: https://rubygems.org/
  specs:
    nio4r (2.7.4)
    puma (6.6.0)
      nio4r (~> 2.0)

PLATFORMS
  arm64-darwin-24
  ruby

DEPENDENCIES
  puma

BUNDLED WITH
   2.6.4
